{"TaskName": "FR1", "Manufacturer": "Blackrock", "PowerLineFrequency": 60.0, "SamplingFrequency": 1000.0, "SoftwareFilters": "n/a", "RecordingDuration": 2914.354, "RecordingType": "continuous", "iEEGReference": "bipolar", "ECOGChannelCount": 18, "SEEGChannelCount": 94, "EEGChannelCount": 0, "EOGChannelCount": 0, "ECGChannelCount": 0, "EMGChannelCount": 0, "MiscChannelCount": 0, "TriggerChannelCount": 0, "TaskDescription": "delayed free recall of word lists", "ElectricalStimulation": false, "HardwareFilters": "n/a"}