{"TaskName": "FR1", "Manufacturer": "Medtronic", "PowerLineFrequency": 60.0, "SamplingFrequency": 1000.0, "SoftwareFilters": "n/a", "RecordingDuration": 3070.818, "RecordingType": "continuous", "iEEGReference": "monopolar", "ECOGChannelCount": 6, "SEEGChannelCount": 166, "EEGChannelCount": 0, "EOGChannelCount": 0, "ECGChannelCount": 0, "EMGChannelCount": 0, "MiscChannelCount": 0, "TriggerChannelCount": 0, "TaskDescription": "delayed free recall of word lists", "ElectricalStimulation": false, "HardwareFilters": "n/a"}