{
    "TaskName": "FR1",
    "Manufacturer": "n/a",
    "PowerLineFrequency": 60.0,
    "SamplingFrequency": 999.0,
    "SoftwareFilters": "n/a",
    "RecordingDuration": 3373.4534534534537,
    "RecordingType": "continuous",
    "iEEGReference": "monopolar",
    "ECOGChannelCount": 0,
    "SEEGChannelCount": 113,
    "EEGChannelCount": 0,
    "EOGChannelCount": 0,
    "ECGChannelCount": 0,
    "EMGChannelCount": 0,
    "MiscChannelCount": 0,
    "TriggerChannelCount": 0,
    "TaskDescription": "delayed free recall of word lists",
    "HardwareFilters": "n/a"
}
