{
    "TaskName": "FR1",
    "Manufacturer": "n/a",
    "PowerLineFrequency": 60.0,
    "SamplingFrequency": 999.0,
    "SoftwareFilters": "n/a",
    "RecordingDuration": 2717.8218218218217,
    "RecordingType": "continuous",
    "iEEGReference": "monopolar",
    "ECOGChannelCount": 38,
    "SEEGChannelCount": 90,
    "EEGChannelCount": 0,
    "EOGChannelCount": 0,
    "ECGChannelCount": 0,
    "EMGChannelCount": 0,
    "MiscChannelCount": 0,
    "TriggerChannelCount": 0,
    "TaskDescription": "delayed free recall of word lists",
    "HardwareFilters": "n/a"
}
